GIT
  remote: https://github.com/bedrocketjmd/ruby-boxxspring-sdk.git
  revision: 8d2e6214b3e1d497984b9c0c30dc60efd1a02845
  branch: develop
  specs:
    boxxspring (2.7.4)
      activesupport (>= 4.2)
      addressable
      fnv (~> 0.2)

PATH
  remote: .
  specs:
    boxxspring-workers (1.1.4)
      aws-sdk (~> 2)
      boxxspring (= 2.7.4)
      redis (~> 3.2.1)
      remote_syslog_logger (~> 1.0)

GEM
  remote: https://rubygems.org/
  specs:
    activesupport (5.0.0.1)
      concurrent-ruby (~> 1.0, >= 1.0.2)
      i18n (~> 0.7)
      minitest (~> 5.1)
      tzinfo (~> 1.1)
    addressable (2.5.0)
      public_suffix (~> 2.0, >= 2.0.2)
    aws-sdk (2.6.32)
      aws-sdk-resources (= 2.6.32)
    aws-sdk-core (2.6.32)
      aws-sigv4 (~> 1.0)
      jmespath (~> 1.0)
    aws-sdk-resources (2.6.32)
      aws-sdk-core (= 2.6.32)
    aws-sigv4 (1.0.0)
    byebug (4.0.5)
      columnize (= 0.9.0)
    coderay (1.1.0)
    columnize (0.9.0)
    concurrent-ruby (1.0.2)
    fnv (0.2.0)
    i18n (0.7.0)
    jmespath (1.3.1)
    method_source (0.8.2)
    minitest (5.10.1)
    pry (0.10.1)
      coderay (~> 1.1.0)
      method_source (~> 0.8.1)
      slop (~> 3.4)
    pry-byebug (3.1.0)
      byebug (~> 4.0)
      pry (~> 0.10)
    public_suffix (2.0.4)
    redis (3.2.2)
    remote_syslog_logger (1.0.3)
      syslog_protocol
    slop (3.6.0)
    syslog_protocol (0.9.2)
    thread_safe (0.3.5)
    tzinfo (1.2.2)
      thread_safe (~> 0.1)

PLATFORMS
  ruby

DEPENDENCIES
  boxxspring!
  boxxspring-workers!
  pry (~> 0.10)
  pry-byebug (~> 3.1)

BUNDLED WITH
   1.13.2
