PATH
  remote: .
  specs:
    boxxspring-workers (1.2.0)
      aws-sdk (~> 2)
      boxxspring (~> 2)
      cloudwatchlogger (~> 0.1.1)
      redis (~> 3.2.1)
      remote_syslog_logger (~> 1.0)
      unimatrix

GEM
  remote: https://rubygems.org/
  specs:
    activesupport (5.1.4)
      concurrent-ruby (~> 1.0, >= 1.0.2)
      i18n (~> 0.7)
      minitest (~> 5.1)
      tzinfo (~> 1.1)
    addressable (2.5.2)
      public_suffix (>= 2.0.2, < 4.0)
    aws-sdk (2.10.118)
      aws-sdk-resources (= 2.10.118)
    aws-sdk-core (2.10.118)
      aws-sigv4 (~> 1.0)
      jmespath (~> 1.0)
    aws-sdk-resources (2.10.118)
      aws-sdk-core (= 2.10.118)
    aws-sigv4 (1.0.2)
    boxxspring (2.9.5)
      activesupport (>= 4.2)
      addressable
      fnv (~> 0.2)
    byebug (4.0.5)
      columnize (= 0.9.0)
    cloudwatchlogger (0.1.1)
      aws-sdk (~> 2)
      multi_json (~> 1)
      uuid (~> 2)
    coderay (1.1.0)
    columnize (0.9.0)
    concurrent-ruby (1.0.5)
    fnv (0.2.0)
    i18n (0.9.1)
      concurrent-ruby (~> 1.0)
    jmespath (1.3.1)
    macaddr (1.7.1)
      systemu (~> 2.6.2)
    method_source (0.8.2)
    minitest (5.11.1)
    multi_json (1.13.1)
    pry (0.10.1)
      coderay (~> 1.1.0)
      method_source (~> 0.8.1)
      slop (~> 3.4)
    pry-byebug (3.1.0)
      byebug (~> 4.0)
      pry (~> 0.10)
    public_suffix (3.0.1)
    redis (3.2.2)
    remote_syslog_logger (1.0.3)
      syslog_protocol
    slop (3.6.0)
    syslog_protocol (0.9.2)
    systemu (2.6.5)
    thread_safe (0.3.6)
    tzinfo (1.2.4)
      thread_safe (~> 0.1)
    unimatrix (1.0.0)
      activesupport (>= 4.2)
      addressable
      fnv (~> 0.2)
    uuid (2.3.8)
      macaddr (~> 1.0)

PLATFORMS
  ruby

DEPENDENCIES
  boxxspring-workers!
  pry (~> 0.10)
  pry-byebug (~> 3.1)

BUNDLED WITH
   1.15.1
